GEM
  remote: https://rubygems.org/
  specs:
    childprocess (0.9.0)
      ffi (~> 1.0, >= 1.0.11)
    ffi (1.9.23)
    ruby-progressbar (1.9.0)
    rubyzip (1.3.0)
    selenium-webdriver (3.11.0)
      childprocess (~> 0.5)
      rubyzip (~> 1.2)

PLATFORMS
  ruby

DEPENDENCIES
  ruby-progressbar
  selenium-webdriver

BUNDLED WITH
   1.16.1
